GEM
  remote: http://rubygems.org/
  specs:
    git (1.2.5)
    jamster-statsd (0.1.0)
    jeweler (1.8.3)
      bundler (~> 1.0)
      git (>= 1.2.5)
      rake
      rdoc
    json (1.6.5)
    rake (0.9.2.2)
    rdoc (3.12)
      json (~> 1.4)
    yard (0.7.5)

PLATFORMS
  ruby

DEPENDENCIES
  jamster-statsd
  jeweler
  yard
